GEM
  remote: https://rubygems.org/
  specs:
    eventmachine (1.2.0.1)
    graphite-api (0.1.6)
      eventmachine (>= 0.3.3)
      zscheduler (>= 0.0.3)
    rack (1.6.4)
    rack-protection (1.5.3)
      rack
    sinatra (1.4.7)
      rack (~> 1.5)
      rack-protection (~> 1.4)
      tilt (>= 1.3, < 3)
    tilt (2.0.2)
    zscheduler (0.0.6)
      eventmachine

PLATFORMS
  ruby

DEPENDENCIES
  graphite-api
  sinatra

BUNDLED WITH
   1.10.6
